GIT
  remote: git://github.com/activeadmin/activeadmin.git
  revision: fdcfa545a64b4037bf495c85ebd88ad12df17530
  specs:
    activeadmin (1.0.0)
      arbre (>= 1.1.1)
      bourbon
      coffee-rails
      formtastic (~> 3.1)
      formtastic_i18n
      inherited_resources (~> 1.7)
      jquery-rails
      jquery-ui-rails
      kaminari (>= 0.15, < 2.0)
      railties (>= 4.2, < 5.2)
      ransack (~> 1.3)
      sass-rails
      sprockets (< 4.1)

GIT
  remote: git://github.com/galetahub/ckeditor.git
  revision: 2dfb02f29fd85b30d826a43cec523b4f86b687db
  specs:
    ckeditor (4.2.0)
      cocaine
      orm_adapter (~> 0.5.0)

GEM
  remote: https://rubygems.org/
  remote: https://rails-assets.org/
  specs:
    abstract_type (0.0.7)
    actionmailer (4.2.8)
      actionpack (= 4.2.8)
      actionview (= 4.2.8)
      activejob (= 4.2.8)
      mail (~> 2.5, >= 2.5.4)
      rails-dom-testing (~> 1.0, >= 1.0.5)
    actionpack (4.2.8)
      actionview (= 4.2.8)
      activesupport (= 4.2.8)
      rack (~> 1.6)
      rack-test (~> 0.6.2)
      rails-dom-testing (~> 1.0, >= 1.0.5)
      rails-html-sanitizer (~> 1.0, >= 1.0.2)
    actionview (4.2.8)
      activesupport (= 4.2.8)
      builder (~> 3.1)
      erubis (~> 2.7.0)
      rails-dom-testing (~> 1.0, >= 1.0.5)
      rails-html-sanitizer (~> 1.0, >= 1.0.3)
    active_admin-subnav (0.0.1)
      activeadmin
    active_admin_import (3.0.0.pre)
      activerecord-import (~> 0.8.0)
      rails (>= 4.0)
      rchardet (~> 1.5)
      rubyzip (~> 1.0, >= 1.0.0)
    activeadmin-sortable (0.0.3)
      activeadmin (>= 0.4)
    activeadmin_addons (0.10.1)
      railties
      select2-rails (~> 3.5.9)
      xdan-datetimepicker-rails (~> 2.5.1)
    activejob (4.2.8)
      activesupport (= 4.2.8)
      globalid (>= 0.3.0)
    activemodel (4.2.8)
      activesupport (= 4.2.8)
      builder (~> 3.1)
    activerecord (4.2.8)
      activemodel (= 4.2.8)
      activesupport (= 4.2.8)
      arel (~> 6.0)
    activerecord-import (0.8.0)
      activerecord (>= 3.0)
    activesupport (4.2.8)
      i18n (~> 0.7)
      minitest (~> 5.1)
      thread_safe (~> 0.3, >= 0.3.4)
      tzinfo (~> 1.1)
    acts_as_list (0.9.4)
      activerecord (>= 3.0)
    adamantium (0.2.0)
      ice_nine (~> 0.11.0)
      memoizable (~> 0.4.0)
    addressable (2.4.0)
    adyen (2.2.0)
    appsignal (2.0.5)
      rack
      thread_safe
    arbre (1.1.1)
      activesupport (>= 3.0.0)
    arel (6.0.4)
    arrayfields (4.9.2)
    ast (2.3.0)
    autoprefixer-rails (6.4.0.3)
      execjs
    aws-sdk (2.6.14)
      aws-sdk-resources (= 2.6.14)
    aws-sdk-core (2.6.14)
      jmespath (~> 1.0)
    aws-sdk-resources (2.6.14)
      aws-sdk-core (= 2.6.14)
    bcrypt (3.1.11)
    benchmark-ips (2.6.1)
    better_errors (2.1.1)
      coderay (>= 1.0.0)
      erubis (>= 2.6.6)
      rack (>= 0.9.0)
    binding_of_caller (0.7.2)
      debug_inspector (>= 0.0.1)
    bourbon (4.3.4)
      sass (~> 3.4)
      thor (~> 0.19)
    browser (2.3.0)
    builder (3.2.3)
    byebug (9.0.5)
    cancancan (1.15.0)
    cane (2.6.2)
      parallel
    capybara (2.9.1)
      addressable
      mime-types (>= 1.16)
      nokogiri (>= 1.3.3)
      rack (>= 1.0.0)
      rack-test (>= 0.5.4)
      xpath (~> 2.0)
    carmen (1.0.2)
      activesupport (>= 3.0.0)
    carrierwave (0.11.2)
      activemodel (>= 3.2.0)
      activesupport (>= 3.2.0)
      json (>= 1.7)
      mime-types (>= 1.16)
      mimemagic (>= 0.3.0)
    carrierwave-aws (1.0.1)
      aws-sdk (~> 2.0)
      carrierwave (~> 0.7)
    childprocess (0.5.9)
      ffi (~> 1.0, >= 1.0.11)
    choice (0.2.0)
    chronic (0.10.2)
    churn (0.0.35)
      chronic (>= 0.2.3)
      hirb
      json_pure
      main
      rest-client (>= 1.6.0)
      ruby_parser (~> 3.0)
      sexp_processor (~> 4.1)
    climate_control (0.0.3)
      activesupport (>= 3.0)
    cliver (0.3.2)
    cocaine (0.5.8)
      climate_control (>= 0.0.3, < 1.0)
    cocoon (1.2.10)
    code_analyzer (0.4.5)
      sexp_processor
    code_metrics (0.1.3)
    coderay (1.1.1)
    coffee-rails (4.1.1)
      coffee-script (>= 2.2.0)
      railties (>= 4.0.0, < 5.1.x)
    coffee-script (2.4.1)
      coffee-script-source
      execjs
    coffee-script-source (1.10.0)
    colorize (0.8.1)
    concord (0.1.5)
      adamantium (~> 0.2.0)
      equalizer (~> 0.0.9)
    concurrent-ruby (1.0.5)
    connection_pool (2.2.1)
    crack (0.4.3)
      safe_yaml (~> 1.0.0)
    createsend (4.1.0)
      hashie (~> 3.0)
      httparty (~> 0.10)
      json (~> 1.0)
    database_cleaner (1.5.3)
    date_validator (0.9.0)
      activemodel
      activesupport
    db_fixtures_dump (0.1.1)
    debug_inspector (0.0.2)
    derailed_benchmarks (1.3.1)
      benchmark-ips (~> 2)
      get_process_mem (~> 0)
      heapy (~> 0)
      memory_profiler (~> 0)
      rack (>= 1)
      rake (> 10, < 12)
      thor (~> 0.19)
    devise (4.2.0)
      bcrypt (~> 3.0)
      orm_adapter (~> 0.1)
      railties (>= 4.1.0, < 5.1)
      responders
      warden (~> 1.2.3)
    diff-lcs (1.2.5)
    dish (0.0.6)
    docile (1.1.5)
    domain_name (0.5.20160615)
      unf (>= 0.0.5, < 1.0.0)
    draper (2.1.0)
      actionpack (>= 3.0)
      activemodel (>= 3.0)
      activesupport (>= 3.0)
      request_store (~> 1.0)
    email_spec (2.1.0)
      htmlentities (~> 4.3.3)
      launchy (~> 2.1)
      mail (~> 2.6.3)
    equalizer (0.0.11)
    erubis (2.7.0)
    execjs (2.7.0)
    factory_girl (4.7.0)
      activesupport (>= 3.0.0)
    factory_girl_rails (4.7.0)
      factory_girl (~> 4.7.0)
      railties (>= 3.0.0)
    faker (1.6.3)
      i18n (~> 0.5)
    faraday (0.10.1)
      multipart-post (>= 1.2, < 3)
    fattr (2.3.0)
    ffi (1.9.14)
    flay (2.8.0)
      erubis (~> 2.7.0)
      path_expander (~> 1.0)
      ruby_parser (~> 3.0)
      sexp_processor (~> 4.0)
    flog (4.4.0)
      path_expander (~> 1.0)
      ruby_parser (~> 3.1, > 3.1.0)
      sexp_processor (~> 4.4)
    font-awesome-rails (4.7.0.1)
      railties (>= 3.2, < 5.1)
    formtastic (3.1.5)
      actionpack (>= 3.2.13)
    formtastic_i18n (0.6.0)
    friendly_id (5.1.0)
      activerecord (>= 4.0.0)
    geoip (1.6.3)
    get_process_mem (0.2.1)
    globalid (0.4.0)
      activesupport (>= 4.2.0)
    has_scope (0.7.1)
      actionpack (>= 4.1, < 5.2)
      activesupport (>= 4.1, < 5.2)
    hashdiff (0.3.0)
    hashie (3.5.1)
    heapy (0.1.2)
    hirb (0.7.3)
    htmlentities (4.3.4)
    http-cookie (1.0.2)
      domain_name (~> 0.5)
    httparty (0.13.7)
      json (~> 1.8)
      multi_xml (>= 0.5.2)
    i18n (0.7.0)
    ice_nine (0.11.2)
    immigrant (0.3.5)
      activerecord (>= 3.0)
    inherited_resources (1.7.2)
      actionpack (>= 3.2, < 5.2.x)
      has_scope (~> 0.6)
      railties (>= 3.2, < 5.2.x)
      responders
    intercom (3.5.12)
      json (>= 1.8)
    intercom-rails (0.3.4)
      activesupport (> 3.0)
    jbuilder (2.5.0)
      activesupport (>= 3.0.0, < 5.1)
      multi_json (~> 1.2)
    jmespath (1.3.1)
    jquery-fileupload-rails (0.4.7)
      actionpack (>= 3.1)
      railties (>= 3.1)
      sass (>= 3.2)
    jquery-rails (4.2.2)
      rails-dom-testing (>= 1, < 3)
      railties (>= 4.2.0)
      thor (>= 0.14, < 2.0)
    jquery-ui-rails (5.0.5)
      railties (>= 3.2.16)
    json (1.8.6)
    json_pure (2.0.2)
    jwt (1.5.6)
    kaminari (0.17.0)
      actionpack (>= 3.0.0)
      activesupport (>= 3.0.0)
    koala (2.5.0)
      addressable
      faraday
    launchy (2.4.3)
      addressable (~> 2.3)
    liquid (3.0.6)
    logstash-event (1.2.02)
    logstash-logger (0.20.0)
      logstash-event (~> 1.2)
    loofah (2.0.3)
      nokogiri (>= 1.5.9)
    mail (2.6.6)
      mime-types (>= 1.16, < 4)
    main (6.2.0)
      arrayfields (>= 4.7.4)
      chronic (>= 0.6.2)
      fattr (>= 2.2.0)
      map (>= 6.1.0)
    map (6.6.0)
    memoizable (0.4.2)
      thread_safe (~> 0.3, >= 0.3.1)
    memory_profiler (0.9.7)
    method_source (0.8.2)
    metric_fu (4.12.0)
      cane (~> 2.5, >= 2.5.2)
      churn (~> 0.0.35)
      code_metrics (~> 0.1)
      coderay
      flay (~> 2.1, >= 2.0.1)
      flog (~> 4.1, >= 4.1.1)
      launchy (~> 2.0)
      metric_fu-Saikuro (~> 1.1, >= 1.1.3)
      multi_json
      rails_best_practices (~> 1.14, >= 1.14.3)
      redcard
      reek (>= 1.3.4, < 3.0)
      roodi (~> 3.1)
    metric_fu-Saikuro (1.1.3)
    mime-types (2.99.3)
    mimemagic (0.3.1)
    mini_magick (4.5.1)
    mini_portile2 (2.2.0)
    minitest (5.10.2)
    monetize (1.4.0)
      money (~> 6.7)
    money (6.7.1)
      i18n (>= 0.6.4, <= 0.7.0)
      sixarm_ruby_unaccent (>= 1.1.1, < 2)
    money-rails (1.6.1)
      activesupport (>= 3.0)
      monetize (~> 1.4.0)
      money (~> 6.7)
      railties (>= 3.0)
    multi_json (1.12.1)
    multi_xml (0.6.0)
    multipart-post (2.0.0)
    net-ssh (4.0.1)
    netrc (0.11.0)
    newrelic_rpm (4.2.0.334)
    nokogiri (1.8.0)
      mini_portile2 (~> 2.2.0)
    non-stupid-digest-assets (1.0.4)
    oauth2 (1.3.0)
      faraday (>= 0.8, < 0.11)
      jwt (~> 1.0)
      multi_json (~> 1.3)
      multi_xml (~> 0.5)
      rack (>= 1.2, < 3)
    omniauth (1.4.1)
      hashie (>= 1.2, < 4)
      rack (>= 1.0, < 3)
    omniauth-facebook (4.0.0)
      omniauth-oauth2 (~> 1.2)
    omniauth-google-oauth2 (0.4.1)
      jwt (~> 1.5.2)
      multi_json (~> 1.3)
      omniauth (>= 1.1.1)
      omniauth-oauth2 (>= 1.3.1)
    omniauth-instagram (1.0.2)
      omniauth (~> 1)
      omniauth-oauth2 (~> 1)
    omniauth-oauth2 (1.3.1)
      oauth2 (~> 1.0)
      omniauth (~> 1.2)
    orm_adapter (0.5.0)
    parallel (1.9.0)
    parser (2.3.1.2)
      ast (~> 2.2)
    path_expander (1.0.0)
    pdfkit (0.8.2)
    pg (0.19.0)
    poltergeist (1.10.0)
      capybara (~> 2.1)
      cliver (~> 0.3.1)
      websocket-driver (>= 0.2.0)
    polyamorous (1.3.1)
      activerecord (>= 3.0)
    procto (0.0.3)
    pry (0.10.3)
      coderay (~> 1.1.0)
      method_source (~> 0.8.1)
      slop (~> 3.4)
    puma (3.9.1)
    puma_worker_killer (0.1.0)
      get_process_mem (~> 0.2)
      puma (>= 2.7, < 4)
    quiet_assets (1.1.0)
      railties (>= 3.1, < 5.0)
    rack (1.6.8)
    rack-protection (1.5.3)
      rack
    rack-test (0.6.3)
      rack (>= 1.0)
    rails (4.2.8)
      actionmailer (= 4.2.8)
      actionpack (= 4.2.8)
      actionview (= 4.2.8)
      activejob (= 4.2.8)
      activemodel (= 4.2.8)
      activerecord (= 4.2.8)
      activesupport (= 4.2.8)
      bundler (>= 1.3.0, < 2.0)
      railties (= 4.2.8)
      sprockets-rails
    rails-assets-OwlCarousel2 (2.2.0)
      rails-assets-jquery (>= 1.8.3)
    rails-assets-animate.css (3.5.1)
    rails-assets-autogrow (1.0.3)
    rails-assets-bootstrap (4.0.0.alpha.5)
      rails-assets-jquery (>= 1.9.1, < 4)
      rails-assets-tether (>= 1.3.7, < 2)
    rails-assets-bootstrap-tour (0.11.0)
      rails-assets-bootstrap (>= 2.3.2)
      rails-assets-jquery (>= 1.9.0)
    rails-assets-dropzone (4.3.0)
    rails-assets-fancybox (2.1.5)
    rails-assets-flexslider (2.5.0)
      rails-assets-jquery (>= 1.11.3)
    rails-assets-handlebars (4.0.8)
    rails-assets-infinite-scroll (2.1.0)
    rails-assets-jquery (2.2.4)
    rails-assets-jquery-autogrow-textarea (1.0.3)
      rails-assets-jquery (~> 2.0)
    rails-assets-jquery-mousewheel (3.1.13)
      rails-assets-jquery (>= 1.2.2)
    rails-assets-jquery-nestable (0.0.1)
      rails-assets-jquery (>= 1.7.2)
    rails-assets-malihu-custom-scrollbar-plugin (3.1.5)
      rails-assets-jquery (>= 1.6)
      rails-assets-jquery-mousewheel (>= 3.0.6)
    rails-assets-mediaelement (3.2.4)
    rails-assets-metisMenu (2.7.0)
      rails-assets-jquery (~> 2.2.4)
    rails-assets-nanobar (0.4.2)
    rails-assets-remarkable-bootstrap-notify (3.1.3)
      rails-assets-bootstrap (>= 2.0.0)
      rails-assets-jquery (>= 1.10.2)
    rails-assets-seiyria-bootstrap-slider (9.5.1)
    rails-assets-select2 (4.0.2)
    rails-assets-slicknav (1.0.5)
      rails-assets-jquery (>= 1.7.0)
    rails-assets-smalot-bootstrap-datetimepicker (2.4.4)
    rails-assets-soundmanager2-297a20140901 (1.0.0)
    rails-assets-spectrum (1.8.0)
      rails-assets-jquery (>= 1.7.2)
    rails-assets-stellar (0.6.2)
      rails-assets-jquery (>= 1.4.3)
    rails-assets-tether (1.3.7)
    rails-assets-typedjs (1.1.7)
    rails-deprecated_sanitizer (1.0.3)
      activesupport (>= 4.2.0.alpha)
    rails-dom-testing (1.0.8)
      activesupport (>= 4.2.0.beta, < 5.0)
      nokogiri (~> 1.6)
      rails-deprecated_sanitizer (>= 1.0.1)
    rails-erd (1.4.5)
      activerecord (>= 3.2)
      activesupport (>= 3.2)
      choice (~> 0.2.0)
      ruby-graphviz (~> 1.2)
    rails-html-sanitizer (1.0.3)
      loofah (~> 2.0)
    rails_best_practices (1.16.0)
      activesupport
      code_analyzer (>= 0.4.3)
      erubis
      i18n
      json
      require_all
      ruby-progressbar
    railties (4.2.8)
      actionpack (= 4.2.8)
      activesupport (= 4.2.8)
      rake (>= 0.8.7)
      thor (>= 0.18.1, < 2.0)
    rainbow (2.1.0)
    rake (11.3.0)
    ransack (1.8.2)
      actionpack (>= 3.0)
      activerecord (>= 3.0)
      activesupport (>= 3.0)
      i18n
      polyamorous (~> 1.3)
    rchardet (1.6.1)
    redcard (1.1.0)
    redcarpet (3.4.0)
    redis (3.3.3)
    redis-actionpack (5.0.0)
      actionpack (>= 4.0.0, < 6)
      redis-rack (~> 2.0.0.pre)
      redis-store (~> 1.2.0.pre)
    redis-activesupport (5.0.1)
      activesupport (>= 3, < 6)
      redis-store (~> 1.2.0)
    redis-rack (2.0.0.pre)
      rack (> 1.5, < 3)
      redis-store (~> 1.2.0.pre)
    redis-rails (5.0.1)
      redis-actionpack (~> 5.0.0)
      redis-activesupport (~> 5.0.0)
      redis-store (~> 1.2.0)
    redis-store (1.2.0)
      redis (>= 2.2)
    reek (2.2.1)
      parser (~> 2.2)
      rainbow (~> 2.0)
      unparser (~> 0.2.2)
    remotipart (1.3.1)
    request_store (1.3.1)
    require_all (1.3.3)
    responders (2.2.0)
      railties (>= 4.2.0, < 5.1)
    rest-client (1.8.0)
      http-cookie (>= 1.0.2, < 2.0)
      mime-types (>= 1.16, < 3.0)
      netrc (~> 0.7)
    roodi (3.3.1)
      ruby_parser (~> 3.2, >= 3.2.2)
    rspec-core (3.5.2)
      rspec-support (~> 3.5.0)
    rspec-expectations (3.5.0)
      diff-lcs (>= 1.2.0, < 2.0)
      rspec-support (~> 3.5.0)
    rspec-mocks (3.5.0)
      diff-lcs (>= 1.2.0, < 2.0)
      rspec-support (~> 3.5.0)
    rspec-rails (3.5.2)
      actionpack (>= 3.0)
      activesupport (>= 3.0)
      railties (>= 3.0)
      rspec-core (~> 3.5.0)
      rspec-expectations (~> 3.5.0)
      rspec-mocks (~> 3.5.0)
      rspec-support (~> 3.5.0)
    rspec-retry (0.5.0)
      rspec-core (~> 3.3)
    rspec-support (3.5.0)
    ruby-graphviz (1.2.2)
    ruby-progressbar (1.8.1)
    ruby_http_client (3.0.1)
    ruby_parser (3.8.2)
      sexp_processor (~> 4.1)
    rubyzip (1.2.0)
    safe_yaml (1.0.4)
    sass (3.4.22)
    sass-rails (5.0.5)
      railties (>= 4.0.0, < 6)
      sass (~> 3.1)
      sprockets (>= 2.8, < 4.0)
      sprockets-rails (>= 2.0, < 4.0)
      tilt (>= 1.1, < 3)
    sassc (1.10.1)
      bundler
      ffi (~> 1.9.6)
      sass (>= 3.3.0)
    sassc-rails (1.3.0)
      railties (>= 4.0.0)
      sass
      sassc (~> 1.9)
      sprockets (> 2.11)
      sprockets-rails
      tilt
    select2-rails (3.5.10)
      thor (~> 0.14)
    selenium-webdriver (2.53.4)
      childprocess (~> 0.5)
      rubyzip (~> 1.0)
      websocket (~> 1.0)
    sendgrid-ruby (4.0.8)
      ruby_http_client (~> 3.0.1)
    sexp_processor (4.7.0)
    shoulda-matchers (3.1.1)
      activesupport (>= 4.0.0)
    sidekiq (4.2.10)
      concurrent-ruby (~> 1.0)
      connection_pool (~> 2.2, >= 2.2.0)
      rack-protection (>= 1.5.0)
      redis (~> 3.2, >= 3.2.1)
    sidekiq-failures (0.4.5)
      sidekiq (>= 2.16.0)
    simple_form (3.2.1)
      actionpack (> 4, < 5.1)
      activemodel (> 4, < 5.1)
    simplecov (0.11.2)
      docile (~> 1.1.0)
      json (~> 1.8)
      simplecov-html (~> 0.10.0)
    simplecov-html (0.10.0)
    simpleidn (0.0.7)
    sixarm_ruby_unaccent (1.1.1)
    slim (3.0.7)
      temple (~> 0.7.6)
      tilt (>= 1.3.3, < 2.1)
    slim-rails (3.1.0)
      actionpack (>= 3.1)
      railties (>= 3.1)
      slim (~> 3.0)
    slop (3.6.0)
    spring (1.7.1)
    sprockets (3.7.1)
      concurrent-ruby (~> 1.0)
      rack (> 1, < 3)
    sprockets-rails (3.2.0)
      actionpack (>= 4.0)
      activesupport (>= 4.0)
      sprockets (>= 3.0.0)
    stackprof (0.2.10)
    taglib-ruby (0.7.1)
    temple (0.7.7)
    thor (0.19.4)
    thread_safe (0.3.6)
    tilt (2.0.5)
    timecop (0.8.0)
    turbolinks (2.5.3)
      coffee-rails
    tzinfo (1.2.3)
      thread_safe (~> 0.1)
    uglifier (3.0.4)
      execjs (>= 0.3.0, < 3)
    unf (0.1.4)
      unf_ext
    unf_ext (0.0.7.2)
    unparser (0.2.5)
      abstract_type (~> 0.0.7)
      adamantium (~> 0.2.0)
      concord (~> 0.1.5)
      diff-lcs (~> 1.2.5)
      equalizer (~> 0.0.9)
      parser (~> 2.3.0)
      procto (~> 0.0.2)
    validates_email_format_of (1.6.3)
      i18n
    warden (1.2.6)
      rack (>= 1.0)
    webmock (2.1.0)
      addressable (>= 2.3.6)
      crack (>= 0.3.2)
      hashdiff
    websocket (1.2.3)
    websocket-driver (0.6.4)
      websocket-extensions (>= 0.1.0)
    websocket-extensions (0.1.2)
    whenever (0.9.7)
      chronic (>= 0.6.3)
    xdan-datetimepicker-rails (2.5.4)
      jquery-rails
      rails (>= 3.2.16)
    xpath (2.0.0)
      nokogiri (~> 1.3)
    xray-rails (0.2.0)
      rails (>= 3.1.0)

PLATFORMS
  ruby

DEPENDENCIES
  active_admin-subnav
  active_admin_import (= 3.0.0.pre)
  activeadmin!
  activeadmin-sortable
  activeadmin_addons
  acts_as_list (~> 0.9)
  adyen
  appsignal
  autoprefixer-rails
  aws-sdk (~> 2)
  better_errors
  binding_of_caller
  browser
  byebug
  cancancan (~> 1.10)
  capybara (~> 2.9.1)
  carmen
  carrierwave
  carrierwave-aws
  ckeditor!
  climate_control (= 0.0.3)
  cocoon
  coffee-rails (~> 4.1.0)
  colorize
  createsend
  database_cleaner (~> 1.5)
  date_validator
  db_fixtures_dump
  derailed_benchmarks
  devise (>= 4.2.0)
  dish
  draper
  email_spec
  factory_girl_rails (~> 4.7)
  faker
  font-awesome-rails (>= 4.7.0.1)
  friendly_id (~> 5.1.0)
  geoip
  httparty
  immigrant
  intercom
  intercom-rails
  jbuilder
  jquery-fileupload-rails
  jquery-rails
  jquery-ui-rails
  kaminari
  koala
  launchy
  liquid
  logstash-logger
  metric_fu
  mini_magick
  money-rails
  net-ssh
  newrelic_rpm
  non-stupid-digest-assets
  omniauth-facebook
  omniauth-google-oauth2
  omniauth-instagram
  omniauth-oauth2 (~> 1.3.1)
  pdfkit
  pg
  poltergeist
  pry
  puma
  puma_worker_killer
  quiet_assets
  rails (= 4.2.8)
  rails-assets-OwlCarousel2 (= 2.2.0)!
  rails-assets-animate.css (= 3.5.1)!
  rails-assets-autogrow (= 1.0.3)!
  rails-assets-bootstrap (= 4.0.0.alpha.5)!
  rails-assets-bootstrap-tour (= 0.11.0)!
  rails-assets-dropzone (= 4.3.0)!
  rails-assets-fancybox (= 2.1.5)!
  rails-assets-flexslider (= 2.5.0)!
  rails-assets-handlebars (= 4.0.8)!
  rails-assets-infinite-scroll (= 2.1.0)!
  rails-assets-jquery-autogrow-textarea (= 1.0.3)!
  rails-assets-jquery-nestable (= 0.0.1)!
  rails-assets-malihu-custom-scrollbar-plugin (= 3.1.5)!
  rails-assets-mediaelement (= 3.2.4)!
  rails-assets-metisMenu (= 2.7.0)!
  rails-assets-nanobar (= 0.4.2)!
  rails-assets-remarkable-bootstrap-notify (= 3.1.3)!
  rails-assets-seiyria-bootstrap-slider (= 9.5.1)!
  rails-assets-select2 (= 4.0.2)!
  rails-assets-slicknav (= 1.0.5)!
  rails-assets-smalot-bootstrap-datetimepicker (= 2.4.4)!
  rails-assets-soundmanager2-297a20140901 (= 1.0.0)!
  rails-assets-spectrum (= 1.8.0)!
  rails-assets-stellar (= 0.6.2)!
  rails-assets-tether (= 1.3.7)!
  rails-assets-typedjs (= 1.1.7)!
  rails-erd
  rake
  redcarpet
  redis-rails
  remotipart (~> 1.2)
  rspec-rails (~> 3.5)
  rspec-retry
  sass-rails
  sassc-rails
  selenium-webdriver
  sendgrid-ruby
  shoulda-matchers
  sidekiq
  sidekiq-failures
  simple_form
  simplecov
  simpleidn
  slim-rails
  spring
  stackprof
  taglib-ruby
  timecop
  turbolinks
  uglifier
  validates_email_format_of
  webmock
  whenever
  xray-rails (~> 0.2)

RUBY VERSION
   ruby 2.4.1p111

BUNDLED WITH
   1.15.1
